GEM
  remote: https://rubygems.org/
  specs:
    async (2.6.5)
      console (~> 1.10)
      fiber-annotation
      io-event (~> 1.1)
      timers (~> 4.1)
    async-io (1.38.0)
      async
    console (1.23.3)
      fiber-annotation
      fiber-local
    fiber-annotation (0.2.0)
    fiber-local (1.0.0)
    io-event (1.3.3)
    pokemon (0.1.2)
      thor
    thor (1.3.0)
    timers (4.3.5)

PLATFORMS
  x86_64-linux

DEPENDENCIES
  async (~> 2.6)
  async-io (~> 1.38)
  pokemon (~> 0.1.2)

BUNDLED WITH
   2.4.10
